GEM
  remote: https://rubygems.org/
  specs:
    Ascii85 (1.1.1)
    afm (0.2.2)
    ast (2.4.2)
    base32 (0.3.4)
    bigdecimal (3.1.8)
    colorize (1.1.0)
    date (3.3.4)
    exifr (1.4.0)
    hashery (2.1.2)
    json (2.7.2)
    language_server-protocol (3.17.0.3)
    mini_exiftool (2.11.0)
    mini_magick (5.0.1)
    mini_portile2 (2.8.7)
    mp3info (0.8.5)
      ruby-mp3info (>= 0.8.5)
    nokogiri (1.16.7)
      mini_portile2 (~> 2.8.2)
      racc (~> 1.4)
    nokogiri (1.16.7-x86_64-linux)
      racc (~> 1.4)
    open-uri (0.4.1)
      stringio
      time
      uri
    open3 (0.2.1)
    parallel (1.26.3)
    parser (3.3.5.0)
      ast (~> 2.4.1)
      racc
    pastel (0.8.0)
      tty-color (~> 0.5)
    pdf-reader (2.12.0)
      Ascii85 (~> 1.0)
      afm (~> 0.2.1)
      hashery (~> 2.0)
      ruby-rc4
      ttfunk
    racc (1.8.1)
    rainbow (3.1.1)
    regexp_parser (2.9.2)
    rubocop (1.66.1)
      json (~> 2.3)
      language_server-protocol (>= 3.17.0)
      parallel (~> 1.10)
      parser (>= 3.3.0.2)
      rainbow (>= 2.2.2, < 4.0)
      regexp_parser (>= 2.4, < 3.0)
      rubocop-ast (>= 1.32.2, < 2.0)
      ruby-progressbar (~> 1.7)
      unicode-display_width (>= 2.4.0, < 3.0)
    rubocop-ast (1.32.3)
      parser (>= 3.3.1.0)
    ruby-mp3info (0.8.10)
    ruby-progressbar (1.13.0)
    ruby-rc4 (0.1.5)
    stringio (3.1.1)
    strings (0.2.1)
      strings-ansi (~> 0.2)
      unicode-display_width (>= 1.5, < 3.0)
      unicode_utils (~> 1.4)
    strings-ansi (0.2.0)
    telegraph (1.0.3)
    time (0.4.0)
      date
    ttfunk (1.8.0)
      bigdecimal (~> 3.1)
    tty-box (0.7.0)
      pastel (~> 0.8)
      strings (~> 0.2.0)
      tty-cursor (~> 0.7)
    tty-color (0.6.0)
    tty-cursor (0.7.1)
    unicode-display_width (2.5.0)
    unicode_utils (1.4.0)
    uri (0.13.1)

PLATFORMS
  ruby
  x86_64-linux

DEPENDENCIES
  base32 (~> 0.3.4)
  colorize (~> 1.1)
  exifr (~> 1.4)
  mini_exiftool (~> 2.11)
  mini_magick (~> 5.0)
  mp3info (~> 0.8.5)
  nokogiri (~> 1.16)
  open-uri (~> 0.4.1)
  open3 (~> 0.2.1)
  pdf-reader (~> 2.12)
  rubocop (~> 1.66)
  telegraph (~> 1.0)
  tty-box (~> 0.7.0)

BUNDLED WITH
   2.5.18
